GIT
  remote: git@github.com:mloughran/jbundle.git
  revision: 09bfca3ca8dd81872619eab9da6ad125de6d323f
  specs:
    jbundle (0.1.3)
      closure-compiler
      rack
      thor

GEM
  remote: http://rubygems.org/
  specs:
    closure-compiler (1.1.7)
    rack (2.0.8)
    thor (0.15.4)

PLATFORMS
  ruby

DEPENDENCIES
  jbundle!
